GEM
  remote: http://rubygems.org/
  specs:
    cuba (2.2.1)
      rack
      tilt
    haml (3.1.3)
    nokogiri (1.5.0)
    rack (1.3.5)
    tilt (1.3.3)

PLATFORMS
  ruby

DEPENDENCIES
  cuba
  haml
  nokogiri
  tilt
